GIT
  remote: https://github.com/fwolfst/bulma_form_builder.git
  revision: 3545d5c4db432c290e7c1fd7e8879bb9e4a8a199
  specs:
    bulma_form_builder (0.2.1)
      rails (>= 6.0.2)

GEM
  remote: https://rubygems.org/
  specs:
    actioncable (6.0.3.5)
      actionpack (= 6.0.3.5)
      nio4r (~> 2.0)
      websocket-driver (>= 0.6.1)
    actionmailbox (6.0.3.5)
      actionpack (= 6.0.3.5)
      activejob (= 6.0.3.5)
      activerecord (= 6.0.3.5)
      activestorage (= 6.0.3.5)
      activesupport (= 6.0.3.5)
      mail (>= 2.7.1)
    actionmailer (6.0.3.5)
      actionpack (= 6.0.3.5)
      actionview (= 6.0.3.5)
      activejob (= 6.0.3.5)
      mail (~> 2.5, >= 2.5.4)
      rails-dom-testing (~> 2.0)
    actionpack (6.0.3.5)
      actionview (= 6.0.3.5)
      activesupport (= 6.0.3.5)
      rack (~> 2.0, >= 2.0.8)
      rack-test (>= 0.6.3)
      rails-dom-testing (~> 2.0)
      rails-html-sanitizer (~> 1.0, >= 1.2.0)
    actiontext (6.0.3.5)
      actionpack (= 6.0.3.5)
      activerecord (= 6.0.3.5)
      activestorage (= 6.0.3.5)
      activesupport (= 6.0.3.5)
      nokogiri (>= 1.8.5)
    actionview (6.0.3.5)
      activesupport (= 6.0.3.5)
      builder (~> 3.1)
      erubi (~> 1.4)
      rails-dom-testing (~> 2.0)
      rails-html-sanitizer (~> 1.1, >= 1.2.0)
    activejob (6.0.3.5)
      activesupport (= 6.0.3.5)
      globalid (>= 0.3.6)
    activemodel (6.0.3.5)
      activesupport (= 6.0.3.5)
    activerecord (6.0.3.5)
      activemodel (= 6.0.3.5)
      activesupport (= 6.0.3.5)
    activestorage (6.0.3.5)
      actionpack (= 6.0.3.5)
      activejob (= 6.0.3.5)
      activerecord (= 6.0.3.5)
      marcel (~> 0.3.1)
    activesupport (6.0.3.5)
      concurrent-ruby (~> 1.0, >= 1.0.2)
      i18n (>= 0.7, < 2)
      minitest (~> 5.1)
      tzinfo (~> 1.1)
      zeitwerk (~> 2.2, >= 2.2.2)
    addressable (2.7.0)
      public_suffix (>= 2.0.2, < 5.0)
    ahoy_email (1.1.0)
      actionmailer (>= 5)
      addressable (>= 2.3.2)
      nokogiri
      safely_block (>= 0.1.1)
    ast (2.4.2)
    babel-source (5.8.35)
    babel-transpiler (0.7.0)
      babel-source (>= 4.0, < 6)
      execjs (~> 2.0)
    bcrypt (3.1.16)
    bindex (0.8.1)
    bootsnap (1.7.2)
      msgpack (~> 1.0)
    builder (3.2.4)
    bulma-rails (0.9.1)
      sassc (~> 2.0)
    byebug (11.1.3)
    capybara (3.35.3)
      addressable
      mini_mime (>= 0.1.3)
      nokogiri (~> 1.8)
      rack (>= 1.6.0)
      rack-test (>= 0.6.3)
      regexp_parser (>= 1.5, < 3.0)
      xpath (~> 3.2)
    childprocess (3.0.0)
    coderay (1.1.3)
    color (1.8)
    concurrent-ruby (1.1.8)
    crass (1.0.6)
    daemons (1.3.1)
    delayed_cron_job (0.7.4)
      delayed_job (>= 4.1)
    delayed_job (4.1.9)
      activesupport (>= 3.0, < 6.2)
    delayed_job_active_record (4.1.5)
      activerecord (>= 3.0, < 6.2)
      delayed_job (>= 3.0, < 5)
    devise (4.7.3)
      bcrypt (~> 3.0)
      orm_adapter (~> 0.1)
      railties (>= 4.1.0)
      responders
      warden (~> 1.2.3)
    devise-i18n (1.9.3)
      devise (>= 4.7.1)
    devise_invitable (2.0.3)
      actionmailer (>= 5.0)
      devise (>= 4.6)
    em-websocket (0.5.2)
      eventmachine (>= 0.12.9)
      http_parser.rb (~> 0.6.0)
    errbase (0.2.1)
    erubi (1.10.0)
    erubis (2.7.0)
    eventmachine (1.2.7)
    execjs (2.7.0)
    ffi (1.15.5)
    font-awesome-sass (5.12.0)
      sassc (>= 1.11)
    formatador (0.2.5)
    friendly_id (5.2.5)
      activerecord (>= 4.0.0)
    geo_pattern (1.4.0)
      color (~> 1.5)
    globalid (0.4.2)
      activesupport (>= 4.2.0)
    guard (2.16.2)
      formatador (>= 0.2.4)
      listen (>= 2.7, < 4.0)
      lumberjack (>= 1.0.12, < 2.0)
      nenv (~> 0.1)
      notiffany (~> 0.0)
      pry (>= 0.9.12)
      shellany (~> 0.0)
      thor (>= 0.18.1)
    guard-compat (1.2.1)
    guard-livereload (2.5.2)
      em-websocket (~> 0.5)
      guard (~> 2.8)
      guard-compat (~> 1.0)
      multi_json (~> 1.8)
    haml (5.2.1)
      temple (>= 0.8.0)
      tilt
    haml-rails (2.0.1)
      actionpack (>= 5.1)
      activesupport (>= 5.1)
      haml (>= 4.0.6, < 6.0)
      html2haml (>= 1.0.1)
      railties (>= 5.1)
    highline (2.0.3)
    html2haml (2.2.0)
      erubis (~> 2.7.0)
      haml (>= 4.0, < 6)
      nokogiri (>= 1.6.0)
      ruby_parser (~> 3.5)
    http_parser.rb (0.6.0)
    i18n (1.8.9)
      concurrent-ruby (~> 1.0)
    i18n-tasks (0.9.34)
      activesupport (>= 4.0.2)
      ast (>= 2.1.0)
      erubi
      highline (>= 2.0.0)
      i18n
      parser (>= 2.2.3.0)
      rails-i18n
      rainbow (>= 2.2.2, < 4.0)
      terminal-table (>= 1.5.1)
    image_processing (1.12.2)
      mini_magick (>= 4.9.5, < 5)
      ruby-vips (>= 2.0.17, < 3)
    invisible_captcha (2.0.0)
      rails (>= 5.0)
    jbuilder (2.11.2)
      activesupport (>= 5.0.0)
    listen (3.1.5)
      rb-fsevent (~> 0.9, >= 0.9.4)
      rb-inotify (~> 0.9, >= 0.9.7)
      ruby_dep (~> 1.2)
    loofah (2.9.0)
      crass (~> 1.0.2)
      nokogiri (>= 1.5.9)
    lumberjack (1.2.8)
    mail (2.7.1)
      mini_mime (>= 0.1.1)
    marcel (0.3.3)
      mimemagic (~> 0.3.2)
    method_source (1.0.0)
    mimemagic (0.3.5)
    mini_magick (4.11.0)
    mini_mime (1.0.2)
    mini_portile2 (2.5.0)
    minitest (5.14.4)
    msgpack (1.4.2)
    multi_json (1.15.0)
    nenv (0.3.0)
    nio4r (2.5.7)
    nokogiri (1.11.2)
      mini_portile2 (~> 2.5.0)
      racc (~> 1.4)
    notiffany (0.1.3)
      nenv (~> 0.1)
      shellany (~> 0.0)
    orm_adapter (0.5.0)
    pagy (3.12.0)
    parser (3.0.0.0)
      ast (~> 2.4.1)
    pg (1.2.3)
    pretender (0.3.4)
      actionpack (>= 4.2)
    pry (0.14.0)
      coderay (~> 1.1)
      method_source (~> 1.0)
    public_suffix (4.0.6)
    puma (4.3.7)
      nio4r (~> 2.0)
    racc (1.5.2)
    rack (2.2.3)
    rack-attack (6.5.0)
      rack (>= 1.0, < 3)
    rack-livereload (0.3.17)
      rack
    rack-test (1.1.0)
      rack (>= 1.0, < 3)
    rails (6.0.3.5)
      actioncable (= 6.0.3.5)
      actionmailbox (= 6.0.3.5)
      actionmailer (= 6.0.3.5)
      actionpack (= 6.0.3.5)
      actiontext (= 6.0.3.5)
      actionview (= 6.0.3.5)
      activejob (= 6.0.3.5)
      activemodel (= 6.0.3.5)
      activerecord (= 6.0.3.5)
      activestorage (= 6.0.3.5)
      activesupport (= 6.0.3.5)
      bundler (>= 1.3.0)
      railties (= 6.0.3.5)
      sprockets-rails (>= 2.0.0)
    rails-dom-testing (2.0.3)
      activesupport (>= 4.2.0)
      nokogiri (>= 1.6)
    rails-html-sanitizer (1.3.0)
      loofah (~> 2.3)
    rails-i18n (6.0.0)
      i18n (>= 0.7, < 2)
      railties (>= 6.0.0, < 7)
    railties (6.0.3.5)
      actionpack (= 6.0.3.5)
      activesupport (= 6.0.3.5)
      method_source
      rake (>= 0.8.7)
      thor (>= 0.20.3, < 2.0)
    rainbow (3.0.0)
    rake (13.0.3)
    ranked-model (0.4.7)
      activerecord (>= 4.2)
    rb-fsevent (0.10.4)
    rb-inotify (0.10.1)
      ffi (~> 1.0)
    redcarpet (3.5.1)
    regexp_parser (2.1.1)
    responders (3.0.1)
      actionpack (>= 5.0)
      railties (>= 5.0)
    ruby-vips (2.1.4)
      ffi (~> 1.12)
    ruby_dep (1.5.0)
    ruby_parser (3.15.1)
      sexp_processor (~> 4.9)
    rubyzip (2.3.0)
    safely_block (0.3.0)
      errbase (>= 0.1.1)
    sass-rails (6.0.0)
      sassc-rails (~> 2.1, >= 2.1.1)
    sassc (2.4.0)
      ffi (~> 1.9)
    sassc-rails (2.1.2)
      railties (>= 4.0.0)
      sassc (>= 2.0)
      sprockets (> 3.0)
      sprockets-rails
      tilt
    selenium-webdriver (3.142.7)
      childprocess (>= 0.5, < 4.0)
      rubyzip (>= 1.2.2)
    sexp_processor (4.15.2)
    shellany (0.0.1)
    sitemap_generator (6.1.2)
      builder (~> 3.0)
    spring (2.1.1)
    spring-watcher-listen (2.0.1)
      listen (>= 2.7, < 4.0)
      spring (>= 1.2, < 3.0)
    sprockets (4.0.2)
      concurrent-ruby (~> 1.0)
      rack (> 1, < 3)
    sprockets-rails (3.2.2)
      actionpack (>= 4.0)
      activesupport (>= 4.0)
      sprockets (>= 3.0.0)
    sqlite3 (1.4.2)
    stimulusjs-rails (1.1.1)
    temple (0.8.2)
    terminal-table (3.0.0)
      unicode-display_width (~> 1.1, >= 1.1.1)
    thor (1.1.0)
    thread_safe (0.3.6)
    tilt (2.0.10)
    turbolinks (5.2.1)
      turbolinks-source (~> 5.2)
    turbolinks-source (5.2.0)
    tzinfo (1.2.9)
      thread_safe (~> 0.1)
    uglifier (4.2.0)
      execjs (>= 0.3.0, < 3)
    unicode-display_width (1.7.0)
    warden (1.2.9)
      rack (>= 2.0.9)
    web-console (4.1.0)
      actionview (>= 6.0.0)
      activemodel (>= 6.0.0)
      bindex (>= 0.4.0)
      railties (>= 6.0.0)
    webdrivers (4.6.0)
      nokogiri (~> 1.6)
      rubyzip (>= 1.3.0)
      selenium-webdriver (>= 3.0, < 4.0)
    websocket-driver (0.7.3)
      websocket-extensions (>= 0.1.0)
    websocket-extensions (0.1.5)
    xpath (3.2.0)
      nokogiri (~> 1.8)
    zeitwerk (2.4.2)

PLATFORMS
  ruby

DEPENDENCIES
  ahoy_email
  babel-transpiler
  bootsnap (>= 1.4.2)
  bulma-rails (~> 0.9)
  bulma_form_builder!
  byebug
  capybara (>= 2.15)
  daemons
  delayed_cron_job
  delayed_job_active_record
  devise
  devise-i18n
  devise_invitable (~> 2.0.0)
  font-awesome-sass (~> 5.12.0)
  friendly_id (~> 5.2.4)
  geo_pattern
  guard-livereload (~> 2.5)
  haml-rails (~> 2.0)
  i18n-tasks (~> 0.9.31)
  image_processing (~> 1.12)
  invisible_captcha
  jbuilder (~> 2.7)
  listen (>= 3.0.5, < 3.2)
  mini_magick
  pagy (~> 3.5)
  pg
  pretender
  puma (~> 4.1)
  rack-attack
  rack-livereload
  rails (~> 6.0.2, >= 6.0.2.1)
  rails-i18n (~> 6.0.0)
  ranked-model
  redcarpet
  sass-rails (>= 6)
  selenium-webdriver
  sitemap_generator
  spring
  spring-watcher-listen (~> 2.0.0)
  sprockets (~> 4.0)
  sprockets-rails
  sqlite3 (~> 1.4)
  stimulusjs-rails (~> 1.1.1)
  turbolinks (~> 5)
  tzinfo-data
  uglifier
  web-console (>= 3.3.0)
  webdrivers

RUBY VERSION
   ruby 2.6.6p146

BUNDLED WITH
   2.1.4
